GEM
  remote: https://rubygems.org/
  specs:
    ast (2.4.2)
    cli-ui (2.2.3)
    coderay (1.1.3)
    debug (1.8.0)
      irb (>= 1.5.0)
      reline (>= 0.3.1)
    google-protobuf (3.25.0)
    io-console (0.6.0)
    irb (1.8.3)
      rdoc
      reline (>= 0.3.8)
    json (2.7.2)
    language_server-protocol (3.17.0.3)
    little-plugger (1.1.4)
    logging (2.4.0)
      little-plugger (~> 1.1)
      multi_json (~> 1.14)
    method_source (1.1.0)
    multi_json (1.15.0)
    parallel (1.26.3)
    parseconfig (1.1.2)
    parser (3.3.5.0)
      ast (~> 2.4.1)
      racc
    pry (0.14.2)
      coderay (~> 1.1)
      method_source (~> 1.0)
    pry-doc (1.5.0)
      pry (~> 0.11)
      yard (~> 0.9.11)
    psych (5.1.1.1)
      stringio
    racc (1.8.1)
    rainbow (3.1.1)
    rake (13.2.1)
    rdoc (6.5.0)
      psych (>= 4.0.0)
    regexp_parser (2.9.2)
    reline (0.3.9)
      io-console (~> 0.5)
    rubocop (1.66.1)
      json (~> 2.3)
      language_server-protocol (>= 3.17.0)
      parallel (~> 1.10)
      parser (>= 3.3.0.2)
      rainbow (>= 2.2.2, < 4.0)
      regexp_parser (>= 2.4, < 3.0)
      rubocop-ast (>= 1.32.2, < 2.0)
      ruby-progressbar (~> 1.7)
      unicode-display_width (>= 2.4.0, < 3.0)
    rubocop-ast (1.32.3)
      parser (>= 3.3.1.0)
    ruby-progressbar (1.13.0)
    sorbet-runtime (0.5.11116)
    stringio (3.0.8)
    strings-ansi (0.2.0)
    tty-cursor (0.7.1)
    tty-progressbar (0.18.2)
      strings-ansi (~> 0.2)
      tty-cursor (~> 0.7)
      tty-screen (~> 0.8)
      unicode-display_width (>= 1.6, < 3.0)
    tty-screen (0.8.2)
    unicode-display_width (2.6.0)
    yard (0.9.37)

PLATFORMS
  ruby
  x86_64-linux

DEPENDENCIES
  cli-ui
  debug (= 1.8.0)
  google-protobuf (= 3.25.0)
  io-console (= 0.6.0)
  irb (= 1.8.3)
  logging
  parseconfig
  pry
  pry-doc
  psych (= 5.1.1.1)
  rake
  rdoc (= 6.5.0)
  reline (= 0.3.9)
  rubocop
  sorbet-runtime (= 0.5.11116)
  stringio (= 3.0.8)
  tty-progressbar

BUNDLED WITH
   2.5.21
